GEM
  remote: http://rubygems.org/
  remote: http://rubygems.org/
  specs:
    activesupport (2.3.10)

PLATFORMS
  ruby

DEPENDENCIES
  activesupport (~> 2.3)
